GIT
  remote: http://github.com/sanger/lims-api.git
  revision: d847d80d49d8675fb072f88b1eee432985cb74f2
  branch: version-2
  specs:
    lims-api (2.0.0.2.0)
      active_support
      bunny (= 0.9.0.pre10)
      json
      sequel
      state_machine

GIT
  remote: http://github.com/sanger/lims-core.git
  revision: cbf033f233c22e3bd31c946ae17e07fb61145b17
  branch: version-2
  specs:
    lims-core (2.0.0.3.2)
      active_support
      aequitas
      bunny (= 0.9.0.pre10)
      facets (= 2.9.3)
      sequel
      state_machine
      uuid
      virtus (= 0.2.0)

GIT
  remote: http://github.com/sanger/lims-laboratory-app.git
  revision: 57226739099cfbb0a01ba617cbbd5a23fcb139bd
  branch: master
  specs:
    lims-laboratory-app (1.0.2)

GIT
  remote: http://github.com/sanger/lims-support-app.git
  revision: b54c3eb3ca0265fa7b023199327ee092880c932d
  branch: development
  specs:
    lims-support-app (0.0.1.0.0)
      bunny (= 0.9.0.pre10)
      json

PATH
  remote: .
  specs:
    lims-api-examples (0.1)
      facets
      rest-client
      sequel

GEM
  remote: http://www.rubygems.org/
  specs:
    active_support (3.0.0)
      activesupport (= 3.0.0)
    activesupport (3.0.0)
    aequitas (0.0.2)
    amq-protocol (1.6.0)
    bond (0.4.3)
    bunny (0.9.0.pre10)
      amq-protocol (>= 1.4.0)
    columnize (0.3.6)
    debugger (1.3.0)
      columnize (>= 0.3.1)
      debugger-linecache (~> 1.1.1)
      debugger-ruby_core_source (~> 1.1.7)
    debugger-completion (1.0.0)
      bond (>= 0.4.2)
      debugger (~> 1.1)
    debugger-linecache (1.1.2)
      debugger-ruby_core_source (>= 1.1.1)
    debugger-ruby_core_source (1.1.7)
    diff-lcs (1.1.3)
    facets (2.9.3)
    json (1.8.0)
    macaddr (1.6.1)
      systemu (~> 2.5.0)
    mime-types (1.21)
    mysql (2.9.1)
    rack (1.5.1)
    rake (10.0.3)
    rest-client (1.6.7)
      mime-types (>= 1.16)
    rspec (2.8.0)
      rspec-core (~> 2.8.0)
      rspec-expectations (~> 2.8.0)
      rspec-mocks (~> 2.8.0)
    rspec-core (2.8.0)
    rspec-expectations (2.8.0)
      diff-lcs (~> 1.1.2)
    rspec-mocks (2.8.0)
    sequel (3.44.0)
    shotgun (0.9)
      rack (>= 1.0)
    sqlite3 (1.3.7)
    state_machine (1.2.0)
    systemu (2.5.2)
    uuid (2.3.7)
      macaddr (~> 1.0)
    virtus (0.2.0)
    yard (0.8.4.1)
    yard-rspec (0.1)
      yard

PLATFORMS
  ruby

DEPENDENCIES
  debugger
  debugger-completion
  lims-api (~> 2.0)!
  lims-api-examples!
  lims-core (~> 2.0)!
  lims-laboratory-app (~> 1.0.2)!
  lims-support-app (= 0.0.1)!
  mysql
  rake
  rspec (~> 2.8.0)
  shotgun
  sqlite3
  yard (>= 0.7.0)
  yard-rspec (= 0.1)
